GEM
  remote: https://rubygems.org/
  specs:
    addressable (2.8.7)
      public_suffix (>= 2.0.2, < 7.0)
    base64 (0.3.0)
    cf-uaa-lib (4.0.9)
      addressable (~> 2.8, >= 2.8.0)
      base64
      httpclient (~> 2.8, >= 2.8.2.4)
      json (~> 2.7)
      mutex_m
    cf-uaac (4.28.0)
      cf-uaa-lib (~> 4.0.9)
      em-http-request (~> 1.1, >= 1.1.2)
      eventmachine (~> 1.2)
      highline (>= 2, < 4)
      json (~> 2.7)
      launchy (>= 2.5, < 4.0)
      rack (~> 3.0)
    childprocess (5.1.0)
      logger (~> 1.5)
    cookiejar (0.3.4)
    em-http-request (1.1.7)
      addressable (>= 2.3.4)
      cookiejar (!= 0.3.1)
      em-socksify (>= 0.3)
      eventmachine (>= 1.0.3)
      http_parser.rb (>= 0.6.0)
    em-socksify (0.3.3)
      base64
      eventmachine (>= 1.0.0.beta.4)
    eventmachine (1.2.7)
    highline (3.1.2)
      reline
    http_parser.rb (0.8.0)
    httpclient (2.9.0)
      mutex_m
    io-console (0.8.1)
    json (2.13.2)
    launchy (3.1.1)
      addressable (~> 2.8)
      childprocess (~> 5.0)
      logger (~> 1.6)
    logger (1.7.0)
    mutex_m (0.3.0)
    public_suffix (6.0.2)
    rack (3.2.1)
    reline (0.6.2)
      io-console (~> 0.5)

PLATFORMS
  ruby
  x86_64-linux

DEPENDENCIES
  cf-uaac

BUNDLED WITH
   2.5.9
